GEM
  remote: https://rubygems.org/
  specs:
    addressable (2.3.2)
    classifier (1.3.3)
      fast-stemmer (>= 1.0.0)
    coderay (1.0.8)
    directory_watcher (1.4.1)
    em-websocket (0.3.8)
      addressable (>= 2.1.1)
      eventmachine (>= 0.12.9)
    eventmachine (1.0.0)
    fast-stemmer (1.0.1)
    guard (1.6.1)
      listen (>= 0.6.0)
      lumberjack (>= 1.0.2)
      pry (>= 0.9.10)
      thor (>= 0.14.6)
    guard-livereload (1.1.3)
      em-websocket (>= 0.2.0)
      guard (>= 1.5.0)
      multi_json (~> 1.0)
    guard-sass (1.0.1)
      guard (>= 1.1.0)
      sass (>= 3.1)
    jekyll (0.12.0)
      classifier (~> 1.3)
      directory_watcher (~> 1.1)
      kramdown (~> 0.13.4)
      liquid (~> 2.3)
      maruku (~> 0.5)
      pygments.rb (~> 0.3.2)
    kramdown (0.13.8)
    liquid (2.4.1)
    listen (0.7.2)
    lumberjack (1.0.2)
    maruku (0.6.1)
      syntax (>= 1.0.0)
    method_source (0.8.1)
    multi_json (1.5.0)
    posix-spawn (0.3.6)
    pry (0.9.11.4)
      coderay (~> 1.0.5)
      method_source (~> 0.8)
      slop (~> 3.4)
    pygments.rb (0.3.7)
      posix-spawn (~> 0.3.6)
      yajl-ruby (~> 1.1.0)
    rb-fsevent (0.9.3)
    sass (3.2.5)
    slop (3.4.3)
    syntax (1.0.0)
    thor (0.16.0)
    yajl-ruby (1.1.0)

PLATFORMS
  ruby

DEPENDENCIES
  guard-livereload
  guard-sass
  jekyll
  rb-fsevent (~> 0.9.1)
